GEM
  remote: https://rubygems.org/
  specs:
    awesome_print (1.9.2)
    coderay (1.1.3)
    method_source (1.0.0)
    pg (1.3.4)
    pry (0.14.1)
      coderay (~> 1.1)
      method_source (~> 1.0)
    sequel (5.54.0)

PLATFORMS
  x86_64-linux

DEPENDENCIES
  awesome_print
  pg
  pry
  sequel

BUNDLED WITH
   2.3.8
